GIT
  remote: git://github.com/Albacore/albacore.git
  revision: 488aa9f156882ff027a08bd00e42a497c4a368c0
  branch: clean_slate
  specs:
    albacore (0.6.2)
      ProcessPilot (~> 2.0)
      facter (~> 1.7)
      highline (~> 1.6)
      map (~> 6.5)
      nokogiri (~> 1.5)
      rake (> 10)
      semver2 (~> 3.3)

GEM
  remote: http://rubygems.org/
  specs:
    ProcessPilot (2.0.0.20120301)
      rUtilAnts (>= 1.0)
    facter (1.7.2)
    highline (1.6.19)
    map (6.5.1)
    mini_portile (0.5.1)
    nokogiri (1.6.0)
      mini_portile (~> 0.5.0)
    rUtilAnts (1.0.1.20130320)
    rake (10.1.0)
    semver2 (3.3.2)

PLATFORMS
  ruby

DEPENDENCIES
  albacore!
